PATH
  remote: .
  specs:
    format-staged (0.0.1)

GEM
  remote: http://rubygems.org/
  specs:

PLATFORMS
  ruby

DEPENDENCIES
  format-staged!

BUNDLED WITH
   2.1.4
